GEM
  remote: https://rubygems.org/
  specs:
    builder (3.2.2)
    fakes3 (0.2.1)
      builder
      thor
    foreman (0.78.0)
      thor (~> 0.19.1)
    thor (0.19.1)

PLATFORMS
  ruby

DEPENDENCIES
  fakes3
  foreman
